PATH
  remote: .
  specs:
    spriter (0.13.0)
      mini_magick

GEM
  specs:
    activesupport (4.2.4)
      i18n (~> 0.7)
      json (~> 1.7, >= 1.7.7)
      minitest (~> 5.1)
      thread_safe (~> 0.3, >= 0.3.4)
      tzinfo (~> 1.1)
    i18n (0.7.0)
    json (1.8.3)
    metaclass (0.0.1)
    mini_magick (4.2.7)
    minitest (5.8.1)
    mocha (0.14.0)
      metaclass (~> 0.0.1)
    rake (10.4.2)
    shoulda (3.5.0)
      shoulda-context (~> 1.0, >= 1.0.1)
      shoulda-matchers (>= 1.4.1, < 3.0)
    shoulda-context (1.2.1)
    shoulda-matchers (2.7.0)
      activesupport (>= 3.0.0)
    thread_safe (0.3.5)
    tzinfo (1.2.2)
      thread_safe (~> 0.1)

PLATFORMS
  ruby

DEPENDENCIES
  mocha
  rake
  shoulda
  spriter!

BUNDLED WITH
   1.10.6
